PATH
  remote: .
  specs:
    deploy-complexity (0.1.0)

GEM
  remote: https://rubygems.org/
  specs:
    coderay (1.1.2)
    method_source (0.8.2)
    pry (0.11.0)
      coderay (~> 1.1.0)
      method_source (~> 0.8.1)
    pry-doc (0.11.1)
      pry (~> 0.9)
      yard (~> 0.9)
    rake (10.5.0)
    yard (0.9.9)

PLATFORMS
  ruby

DEPENDENCIES
  bundler (~> 1.11)
  deploy-complexity!
  pry
  pry-doc
  rake (~> 10.0)

BUNDLED WITH
   1.14.6
